GEM
  remote: https://rubygems.org/
  specs:
    dotenv (3.1.7)
    eth (0.5.13)
      forwardable (~> 1.3)
      keccak (~> 1.3)
      konstructor (~> 1.0)
      openssl (>= 2.2, < 4.0)
      rbsecp256k1 (~> 6.0)
      scrypt (~> 3.0)
    ffi (1.17.1)
    ffi (1.17.1-x86_64-linux-gnu)
    ffi-compiler (1.3.2)
      ffi (>= 1.15.5)
      rake
    forwardable (1.3.3)
    keccak (1.3.2)
    konstructor (1.0.2)
    mini_portile2 (2.8.8)
    openssl (3.3.0)
    pkg-config (1.6.0)
    rake (13.2.1)
    rbsecp256k1 (6.0.0)
      mini_portile2 (~> 2.8)
      pkg-config (~> 1.5)
      rubyzip (~> 2.3)
    ruby_http_client (3.5.5)
    rubyzip (2.4.1)
    scrypt (3.0.8)
      ffi-compiler (>= 1.0, < 2.0)
      rake (>= 9, < 14)
    sendgrid-ruby (6.7.0)
      ruby_http_client (~> 3.4)

PLATFORMS
  ruby
  x86_64-linux

DEPENDENCIES
  dotenv
  eth
  sendgrid-ruby

BUNDLED WITH
   2.5.22
